GEM
  remote: http://rubygems.org/
  specs:
    crack (0.1.8)
    hashie (0.4.0)
    httparty (0.6.1)
      crack (= 0.1.8)
    json (1.5.1)
    playnicely (0.1.1)
      hashie (~> 0.4.0)
      httparty (~> 0.6.1)
      json
    rack (1.2.1)
    sinatra (1.1.3)
      rack (~> 1.1)
      tilt (>= 1.2.2, < 2.0)
    tilt (1.2.2)

PLATFORMS
  ruby

DEPENDENCIES
  playnicely
  sinatra
